PATH
  remote: .
  specs:
    lokap-presenter (0.0.1)

GEM
  remote: https://rubygems.org/
  specs:
    github-markup (4.0.1)
    minitest (5.15.0)
    rake (13.0.6)
    redcarpet (3.5.1)
    webrick (1.7.0)
    yard (0.9.28)
      webrick (~> 1.7.0)

PLATFORMS
  arm64-darwin-21

DEPENDENCIES
  github-markup
  lokap-presenter!
  minitest (~> 5.0)
  rake (~> 13.0)
  redcarpet
  yard

BUNDLED WITH
   2.3.14
